GEM
  remote: https://rubygems.org/
  specs:
    activesupport (3.2.13)
      i18n (= 0.6.1)
      multi_json (~> 1.0)
    dbf (2.0.3)
      fastercsv (~> 1.5.4)
    fastercsv (1.5.5)
    i18n (0.6.1)
    multi_json (1.7.4)
    nokogiri (1.5.9)
    rubyzip (0.9.9)

PLATFORMS
  ruby

DEPENDENCIES
  activesupport (~> 3.2.13)
  dbf (~> 2.0.3)
  nokogiri (~> 1.5.9)
  rubyzip (~> 0.9.9)
